GEM
  remote: http://rubygems.org/
  specs:
    git (1.2.5)
    jeweler (1.6.4)
      bundler (~> 1.0)
      git (>= 1.2.5)
      rake
    mini_portile (0.6.0)
    nokogiri (1.6.3.1)
      mini_portile (= 0.6.0)
    rake (0.9.2)
    redirect_follower (0.1.1)
    shoulda (2.11.3)
    test-unit (2.5.4)

PLATFORMS
  ruby

DEPENDENCIES
  bundler (~> 1.6.3)
  jeweler (~> 1.6.4)
  nokogiri (>= 1.6.1)
  redirect_follower (>= 0.1.1)
  shoulda
  test-unit (~> 2.5.4)
