GEM
  remote: http://rubygems.org/
  specs:
    git (1.2.5)
    jeweler (1.6.4)
      bundler (~> 1.0)
      git (>= 1.2.5)
      rake
    nokogiri (1.5.9)
    rake (0.9.2)
    rcov (0.9.10)
    redirect_follower (0.1.1)
    shoulda (2.11.3)
    test-unit (2.5.4)

PLATFORMS
  ruby

DEPENDENCIES
  bundler (~> 1.3.4)
  jeweler (~> 1.6.4)
  nokogiri (>= 1.5.3)
  rcov
  redirect_follower (>= 0.1.1)
  shoulda
  test-unit (~> 2.5.4)
